GIT
  remote: git://github.com/netzpirat/guard-coffeescript.git
  revision: 10c73ece77892a674c794a07d0c232b33d7a056b
  branch: master
  specs:
    guard-coffeescript (1.3.0)
      coffee-script (>= 2.2.0)
      guard (>= 1.1.0)

GEM
  remote: https://rubygems.org/
  specs:
    coderay (1.0.9)
    coffee-script (2.2.0)
      coffee-script-source
      execjs
    coffee-script-source (1.6.2)
    execjs (1.4.0)
      multi_json (~> 1.0)
    ffi (1.8.1)
    formatador (0.2.4)
    guard (1.8.0)
      formatador (>= 0.2.4)
      listen (>= 1.0.0)
      lumberjack (>= 1.0.2)
      pry (>= 0.9.10)
      thor (>= 0.14.6)
    guard-copy (0.0.8)
      guard (~> 1.1)
    guard-haml (0.5)
      guard (>= 1.1)
      haml (>= 3.0)
    guard-handlebars (0.0.3)
      guard (>= 0.4)
    guard-sass (1.1.0)
      guard (>= 1.1.0)
      sass (>= 3.1)
    haml (4.0.2)
      tilt
    listen (1.1.2)
      rb-fsevent (>= 0.9.3)
      rb-inotify (>= 0.9)
      rb-kqueue (>= 0.2)
    lumberjack (1.0.3)
    method_source (0.8.1)
    multi_json (1.7.3)
    pry (0.9.12.2)
      coderay (~> 1.0.5)
      method_source (~> 0.8)
      slop (~> 3.4)
    rb-fsevent (0.9.3)
    rb-inotify (0.9.0)
      ffi (>= 0.5.0)
    rb-kqueue (0.2.0)
      ffi (>= 0.5.0)
    sass (3.2.9)
    slop (3.4.5)
    terminal-notifier-guard (1.5.3)
    thor (0.18.1)
    tilt (1.4.1)
    webrick (1.3.1)

PLATFORMS
  ruby

DEPENDENCIES
  guard-coffeescript!
  guard-copy
  guard-haml
  guard-handlebars
  guard-sass
  terminal-notifier-guard
  webrick
